PATH
  remote: .
  specs:
    adyen-cse-ruby (1.1.3)
      openssl-ccm

GEM
  remote: https://rubygems.org/
  specs:
    coderay (1.1.3)
    method_source (1.0.0)
    minitest (5.14.1)
    openssl-ccm (1.2.2)
    pry (0.13.1)
      coderay (~> 1.1)
      method_source (~> 1.0)
    rake (13.0.1)

PLATFORMS
  ruby

DEPENDENCIES
  adyen-cse-ruby!
  bundler
  minitest
  openssl-ccm
  pry
  rake

BUNDLED WITH
   2.1.2
